GEM
  remote: https://rubygems.org/
  specs:
    colorize (0.8.1)
    dblruby (1.2.0)
      json (>= 2.0.0)
      rest-client (~> 2.1.0.rc1)
    discordrb (3.2.0)
      discordrb-webhooks
      opus-ruby
      rbnacl (~> 3.4.0)
      rest-client
      websocket-client-simple (>= 0.3.0)
    discordrb-webhooks (3.4.2)
      rest-client (>= 2.0.0)
    domain_name (0.5.20190701)
      unf (>= 0.0.5, < 1.0.0)
    event_emitter (0.2.6)
    ffi (1.14.2)
    http-accept (1.7.0)
    http-cookie (1.0.3)
      domain_name (~> 0.5)
    json (2.5.1)
    mime-types (3.3.1)
      mime-types-data (~> 3.2015)
    mime-types-data (3.2021.0212)
    netrc (0.11.0)
    openssl (2.2.0)
    opus-ruby (1.0.1)
      ffi
    rbnacl (3.4.0)
      ffi
    rest-client (2.1.0)
      http-accept (>= 1.7.0, < 2.0)
      http-cookie (>= 1.0.2, < 2.0)
      mime-types (>= 1.16, < 4.0)
      netrc (~> 0.8)
    securerandom (0.1.0)
    sequel (5.41.0)
    sequel_enum (0.2.0)
      sequel
    sqlite3 (1.4.2)
    unf (0.1.4)
      unf_ext
    unf_ext (0.0.7.7)
    websocket (1.2.9)
    websocket-client-simple (0.3.0)
      event_emitter
      websocket
    yaml (0.1.1)

PLATFORMS
  x86_64-darwin-19
  x86_64-darwin-20

DEPENDENCIES
  colorize
  dblruby
  discordrb
  discordrb-webhooks
  json
  openssl
  securerandom
  sequel
  sequel_enum
  sqlite3
  yaml

BUNDLED WITH
   2.2.3
